GEM
  remote: https://rubygems.org/
  specs:
    addressable (2.3.8)
    babosa (1.0.2)
    colored (1.2)
    commander (4.4.0)
      highline (~> 1.7.2)
    credentials_manager (0.16.0)
      colored
      commander (>= 4.3.5)
      highline (>= 1.7.1)
      security
    domain_name (0.5.20160826)
      unf (>= 0.0.5, < 1.0.0)
    excon (0.45.4)
    faraday (0.9.2)
      multipart-post (>= 1.2, < 3)
    faraday-cookie_jar (0.0.6)
      faraday (>= 0.7.4)
      http-cookie (~> 1.0.0)
    faraday_middleware (0.10.0)
      faraday (>= 0.7.4, < 0.10)
    fastimage (1.9.0)
      addressable (~> 2.3.5)
    fastlane_core (0.52.0)
      babosa
      colored
      commander (>= 4.4.0, <= 5.0.0)
      credentials_manager (>= 0.16.0, < 1.0.0)
      excon (~> 0.45.0)
      gh_inspector (>= 1.0.1, < 2.0.0)
      highline (>= 1.7.2)
      json
      multi_json
      plist (~> 3.1)
      rubyzip (~> 1.1.6)
      terminal-table (~> 1.4.5)
    gh_inspector (1.0.2)
    highline (1.7.8)
    http-cookie (1.0.2)
      domain_name (~> 0.5)
    json (2.0.2)
    multi_json (1.12.1)
    multi_xml (0.5.5)
    multipart-post (2.0.0)
    pilot (1.10.0)
      credentials_manager (>= 0.3.0)
      fastlane_core (>= 0.46.2, < 1.0.0)
      spaceship (>= 0.29.0, < 1.0.0)
      terminal-table (~> 1.4.5)
    plist (3.2.0)
    rubyzip (1.1.7)
    security (0.1.3)
    spaceship (0.34.1)
      colored
      credentials_manager (>= 0.16.0)
      faraday (~> 0.9)
      faraday-cookie_jar (~> 0.0.6)
      faraday_middleware (~> 0.9)
      fastimage (~> 1.6)
      multi_xml (~> 0.5)
      plist (~> 3.1)
    terminal-table (1.4.5)
    unf (0.1.4)
      unf_ext
    unf_ext (0.0.7.2)

PLATFORMS
  ruby

DEPENDENCIES
  pilot

RUBY VERSION
   ruby 2.0.0p648

BUNDLED WITH
   1.13.1
